GEM
  remote: https://rubygems.org/
  specs:
    addressable (2.3.6)
    lock_jar (0.10.4)
      naether (~> 0.13.8)
      thor (>= 0.18.1)
    naether (0.13.8-java)
    thor (0.20.0)
    transit-ruby (0.8.572-java)
      addressable (~> 2.3.6)
      lock_jar (~> 0.10.0)

PLATFORMS
  java

DEPENDENCIES
  addressable (= 2.3.6)
  naether (= 0.13.8)
  transit-ruby (= 0.8.572)

RUBY VERSION
   ruby 2.3.3p0 (jruby 9.1.12.0)

BUNDLED WITH
   1.15.4
